PATH
  remote: ../..
  specs:
    cobhan (0.1.0)
      ffi (~> 1.15.4)

GEM
  remote: https://rubygems.org/
  specs:
    ffi (1.15.5)

PLATFORMS
  x86_64-darwin-18
  x86_64-darwin-20

DEPENDENCIES
  cobhan!

BUNDLED WITH
   2.3.0
